GEM
  remote: http://rubygems.org/
  specs:
    adsf (1.1.1)
      rack (>= 1.0.0)
    allison (2.0.3)
    builder (3.2.0)
    colored (1.2)
    cri (2.3.0)
      colored (>= 1.2)
    echoe (4.6.3)
      allison (>= 2.0.3)
      gemcutter (>= 0.7.0)
      rake (>= 0.9.2)
      rdoc (>= 3.6.1)
      rubyforge (>= 2.0.4)
    fssm (0.2.10)
    gemcutter (0.7.1)
    haml (4.0.2)
      tilt
    jsmin (1.0.1)
    json (1.7.7)
    json_pure (1.7.7)
    kramdown (1.0.1)
    mime-types (1.22)
    nanoc (3.6.2)
      cri (~> 2.3)
    nanoc-cachebuster (0.3.1)
      nanoc (>= 3.3.0)
    rack (1.5.2)
    rainpress (1.0)
      echoe
    rake (10.0.4)
    rdoc (4.0.1)
      json (~> 1.4)
    rubyforge (2.0.4)
      json_pure (>= 1.1.7)
    sass (3.2.1)
    shotgun (0.9)
      rack (>= 1.0)
    tilt (1.3.7)

PLATFORMS
  ruby

DEPENDENCIES
  adsf
  builder
  fssm
  haml
  jsmin
  kramdown
  mime-types
  nanoc
  nanoc-cachebuster
  rack
  rainpress
  sass (= 3.2.1)
  shotgun
