GEM
  remote: http://rubygems.org/
  specs:
    adsf (1.1.1)
      rack (>= 1.0.0)
    builder (3.2.0)
    colored (1.2)
    cri (2.3.0)
      colored (>= 1.2)
    fssm (0.2.10)
    haml (4.0.2)
      tilt
    jsmin (1.0.1)
    kramdown (1.0.1)
    mime-types (1.22)
    nanoc (3.6.2)
      cri (~> 2.3)
    nanoc-cachebuster (0.3.1)
      nanoc (>= 3.3.0)
    rack (1.5.2)
    rainpress (1.0)
    sass (3.2.1)
    shotgun (0.9)
      rack (>= 1.0)
    tilt (1.3.7)

PLATFORMS
  ruby

DEPENDENCIES
  adsf
  builder
  fssm
  haml
  jsmin
  kramdown
  mime-types
  nanoc
  nanoc-cachebuster
  rack
  rainpress
  sass (= 3.2.1)
  shotgun
